GEM
  remote: https://rubygems.org/
  specs:
    discourse_api (0.13.0)
      faraday (~> 0.9)
      faraday_middleware (~> 0.10)
      rack (~> 1.6)
    faraday (0.9.2)
      multipart-post (>= 1.2, < 3)
    faraday_middleware (0.10.0)
      faraday (>= 0.7.4, < 0.10)
    highline (1.7.8)
    multipart-post (2.0.0)
    rack (1.6.4)

PLATFORMS
  ruby

DEPENDENCIES
  discourse_api
  highline

BUNDLED WITH
   1.12.5
