GEM
  remote: https://rubygems.org/
  specs:
    addressable (2.4.0)
    discourse_api (0.13.0)
      faraday (~> 0.9)
      faraday_middleware (~> 0.10)
      rack (~> 1.6)
    faraday (0.9.2)
      multipart-post (>= 1.2, < 3)
    faraday_middleware (0.10.0)
      faraday (>= 0.7.4, < 0.10)
    highline (1.7.8)
    launchy (2.4.3)
      addressable (~> 2.3)
    mini_portile2 (2.1.0)
    multipart-post (2.0.0)
    nokogiri (1.6.8.1)
      mini_portile2 (~> 2.1.0)
    rack (1.6.4)

PLATFORMS
  ruby

DEPENDENCIES
  discourse_api
  highline
  launchy
  nokogiri

BUNDLED WITH
   1.12.5
